GIT
  remote: git://github.com/collectiveidea/delayed_job.git
  revision: 4513aeea6f6a182a4bb2eff5dfd3f998a23da5ff
  specs:
    delayed_job (2.1.4)
      activesupport (~> 3.0)
      daemons

GIT
  remote: git://github.com/jnunemaker/mongomapper.git
  revision: 70581fa741d21a48bd739534a464db7fabcaf7b7
  specs:
    mongo_mapper (0.9.0)
      activemodel (~> 3.0.0)
      activesupport (~> 3.0.0)
      plucky (~> 0.3.6)

GEM
  remote: http://rubygems.org/
  specs:
    activemodel (3.0.5)
      activesupport (= 3.0.5)
      builder (~> 2.1.2)
      i18n (~> 0.4)
    activesupport (3.0.5)
    bson (1.2.4)
    bson_ext (1.2.4)
    builder (2.1.2)
    columnize (0.3.2)
    daemons (1.1.0)
    diff-lcs (1.1.2)
    i18n (0.5.0)
    linecache (0.43)
    mongo (1.2.4)
      bson (>= 1.2.4)
    plucky (0.3.7)
      mongo (~> 1.1)
    rake (0.8.7)
    rspec (2.5.0)
      rspec-core (~> 2.5.0)
      rspec-expectations (~> 2.5.0)
      rspec-mocks (~> 2.5.0)
    rspec-core (2.5.1)
    rspec-expectations (2.5.0)
      diff-lcs (~> 1.1.2)
    rspec-mocks (2.5.0)
    ruby-debug (0.10.4)
      columnize (>= 0.1)
      ruby-debug-base (~> 0.10.4.0)
    ruby-debug-base (0.10.4)
      linecache (>= 0.3)

PLATFORMS
  ruby

DEPENDENCIES
  bson_ext
  delayed_job!
  i18n
  mongo_mapper!
  rake
  rspec
  ruby-debug
